GEM
  remote: https://rubygems.org/
  specs:
    bashcov (1.8.1)
      simplecov (~> 0.15)
    codecov (0.4.2)
      simplecov (>= 0.15, < 0.22)
    docile (1.3.5)
    simplecov (0.21.2)
      docile (~> 1.1)
      simplecov-html (~> 0.11)
      simplecov_json_formatter (~> 0.1)
    simplecov-html (0.12.3)
    simplecov_json_formatter (0.1.2)

PLATFORMS
  ruby

DEPENDENCIES
  bashcov
  codecov

BUNDLED WITH
   1.17.3
